PATH
  remote: .
  specs:
    simple_tumblr (0.1.0)
      activesupport (~> 3.0)
      httparty

GEM
  remote: http://rubygems.org/
  specs:
    activesupport (3.2.1)
      i18n (~> 0.6)
      multi_json (~> 1.0)
    addressable (2.2.6)
    crack (0.3.1)
    httparty (0.8.1)
      multi_json
      multi_xml
    i18n (0.6.0)
    minitest (2.11.1)
    multi_json (1.0.4)
    multi_xml (0.4.1)
    purdytest (1.0.0)
      minitest (~> 2.2)
    rake (0.9.2.2)
    vcr (2.0.0.rc1)
    webmock (1.7.10)
      addressable (~> 2.2, > 2.2.5)
      crack (>= 0.1.7)

PLATFORMS
  java
  ruby

DEPENDENCIES
  minitest
  purdytest
  rake
  simple_tumblr!
  vcr (= 2.0.0.rc1)
  webmock
