GEM
  remote: http://rubygems.org/
  specs:
    activesupport (3.1.3)
      multi_json (~> 1.0)
    addressable (2.2.6)
    crack (0.3.1)
    httparty (0.8.1)
      multi_json
      multi_xml
    i18n (0.6.0)
    json (1.6.4)
    minitest (2.10.0)
    multi_json (1.0.4)
    multi_xml (0.4.1)
    purdytest (1.0.0)
      minitest (~> 2.2)
    rake (0.9.2.2)
    vcr (1.11.3)
    webmock (1.7.10)
      addressable (~> 2.2, > 2.2.5)
      crack (>= 0.1.7)

PLATFORMS
  ruby

DEPENDENCIES
  activesupport (~> 3.0)
  httparty
  i18n
  json
  minitest
  purdytest
  rake
  vcr
  webmock
